GEM
  remote: https://rubygems.org/
  specs:
    byebug (11.1.3)
    webrick (1.8.1)

PLATFORMS
  x86_64-linux

DEPENDENCIES
  byebug
  webrick

BUNDLED WITH
   2.4.7
